GEM
  remote: http://rubygems.org/
  specs:
    ZenTest (4.8.2)
    coderay (1.0.7)
    diff-lcs (1.1.3)
    method_source (0.8)
    pry (0.9.10)
      coderay (~> 1.0.5)
      method_source (~> 0.8)
      slop (~> 3.3.1)
    pry-nav (0.2.2)
      pry (~> 0.9.10)
    rspec (2.11.0)
      rspec-core (~> 2.11.0)
      rspec-expectations (~> 2.11.0)
      rspec-mocks (~> 2.11.0)
    rspec-core (2.11.1)
    rspec-expectations (2.11.3)
      diff-lcs (~> 1.1.3)
    rspec-mocks (2.11.2)
    slop (3.3.3)

PLATFORMS
  ruby

DEPENDENCIES
  ZenTest
  pry
  pry-nav
  rspec
