GEM
  remote: https://rubygems.org/
  specs:
    coderay (1.1.0)
    coolline (0.4.3)
    diff-lcs (1.2.5)
    ffi (1.9.3)
    formatador (0.2.4)
    guard (1.7.0)
      formatador (>= 0.2.4)
      listen (>= 0.6.0)
      lumberjack (>= 1.0.2)
      pry (>= 0.9.10)
      thor (>= 0.14.6)
    guard-rspec (2.5.4)
      guard (>= 1.1)
      rspec (~> 2.11)
    listen (0.7.3)
    lumberjack (1.0.4)
    method_source (0.8.2)
    pry (0.9.12.6)
      coderay (~> 1.0)
      method_source (~> 0.8)
      slop (~> 3.4)
    pry-nav (0.2.3)
      pry (~> 0.9.10)
    rb-inotify (0.8.8)
      ffi (>= 0.5.0)
    rspec (2.14.1)
      rspec-core (~> 2.14.0)
      rspec-expectations (~> 2.14.0)
      rspec-mocks (~> 2.14.0)
    rspec-core (2.14.8)
    rspec-expectations (2.14.5)
      diff-lcs (>= 1.1.3, < 2.0)
    rspec-mocks (2.14.6)
    slop (3.4.7)
    thor (0.18.1)

PLATFORMS
  ruby

DEPENDENCIES
  coolline
  guard-rspec
  pry
  pry-nav
  rb-inotify (~> 0.8.8)
  rspec
